GEM
  remote: https://rubygems.org/
  specs:
    dotenv (2.1.1)
    faraday (0.10.1)
      multipart-post (>= 1.2, < 3)
    multipart-post (2.0.0)
    wake_on_lan (0.1.0)

PLATFORMS
  ruby

DEPENDENCIES
  dotenv
  faraday
  wake_on_lan

BUNDLED WITH
   1.13.7
